GEM
  remote: https://rubygems.org/
  specs:
    bourbon (4.0.2)
      sass (~> 3.3)
      thor
    neat (1.6.0)
      bourbon (>= 3.1)
      sass (>= 3.3)
    rack (1.5.2)
    rack-protection (1.5.3)
      rack
    sass (3.3.8)
    sinatra (1.4.5)
      rack (~> 1.4)
      rack-protection (~> 1.4)
      tilt (~> 1.3, >= 1.3.4)
    thor (0.19.1)
    tilt (1.4.1)

PLATFORMS
  ruby

DEPENDENCIES
  bourbon (~> 4.0.2)
  neat (~> 1.6.0)
  sinatra (~> 1.4.5)
